GEM
  remote: http://rubygems.org/
  specs:
    ZenTest (4.5.0)
    autotest (4.4.6)
      ZenTest (>= 4.4.1)
    autotest-inotify (0.0.5)
      autotest (>= 4.2.4)
      rb-inotify
    diff-lcs (1.1.2)
    dnsruby (1.52)
    ffi (1.0.7)
      rake (>= 0.8.7)
    json (1.5.1)
    rack (1.2.2)
    rack-test (0.5.7)
      rack (>= 1.0)
    rake (0.8.7)
    rb-inotify (0.8.4)
      ffi (>= 0.5.0)
    rspec (2.5.0)
      rspec-core (~> 2.5.0)
      rspec-expectations (~> 2.5.0)
      rspec-mocks (~> 2.5.0)
    rspec-core (2.5.1)
    rspec-expectations (2.5.0)
      diff-lcs (~> 1.1.2)
    rspec-mocks (2.5.0)
    shotgun (0.9)
      rack (>= 1.0)
    sinatra (1.2.0)
      rack (~> 1.1)
      tilt (>= 1.2.2, < 2.0)
    sys-uname (0.8.5)
    tilt (1.2.2)

PLATFORMS
  ruby

DEPENDENCIES
  autotest
  autotest-inotify
  dnsruby
  json
  rack-test
  rspec (= 2.5.0)
  shotgun
  sinatra (= 1.2.0)
  sys-uname
